GEM
  remote: https://rubygems.org/
  specs:
    activesupport (5.0.0.1)
      concurrent-ruby (~> 1.0, >= 1.0.2)
      i18n (~> 0.7)
      minitest (~> 5.1)
      tzinfo (~> 1.1)
    concurrent-ruby (1.0.4)
    i18n (0.8.1)
    minitest (5.10.1)
    thread_safe (0.3.6)
    tzinfo (1.2.2)
      thread_safe (~> 0.1)
    wicked_pdf (1.1.0)

PLATFORMS
  ruby

DEPENDENCIES
  activesupport
  wicked_pdf

BUNDLED WITH
   1.14.5
